GEM
  remote: https://rubygems.org/
  specs:
    dotenv (2.8.1)
    line-bot-api (1.28.0)

PLATFORMS
  arm64-darwin-21

DEPENDENCIES
  dotenv
  line-bot-api

RUBY VERSION
   ruby 3.1.2p20

BUNDLED WITH
   2.4.5
